GEM
  remote: https://rubygems.org/
  specs:
    awesome_print (1.7.0)
    descriptive_statistics (2.5.1)
    highline (1.7.8)
    terminal-table (1.6.0)

PLATFORMS
  ruby

DEPENDENCIES
  awesome_print
  descriptive_statistics
  highline
  terminal-table

BUNDLED WITH
   1.12.5
